GEM
  remote: http://rubygems.org/
  specs:
    diff-lcs (1.5.1)
    rake (13.2.1)
    rspec (3.13.0)
      rspec-core (~> 3.13.0)
      rspec-expectations (~> 3.13.0)
      rspec-mocks (~> 3.13.0)
    rspec-core (3.13.1)
      rspec-support (~> 3.13.0)
    rspec-expectations (3.13.3)
      diff-lcs (>= 1.2.0, < 2.0)
      rspec-support (~> 3.13.0)
    rspec-mocks (3.13.2)
      diff-lcs (>= 1.2.0, < 2.0)
      rspec-support (~> 3.13.0)
    rspec-support (3.13.1)

PLATFORMS
  ruby
  universal-java-22
  x86_64-darwin-22

DEPENDENCIES
  rake (~> 13.2, >= 13.2.1)
  rspec (~> 3.4)

BUNDLED WITH
   2.3.26
